PATH
  remote: .
  specs:
    bundle-namespace (0.1.0)

GEM
  remote: https://rubygems.org/
  specs:
    kettle-dev (1.1.31)

PLATFORMS
  ruby
  x86_64-linux

DEPENDENCIES
  bundle-namespace!
  bundler (>= 2.3.0)
  kettle-dev (~> 1.1)

BUNDLED WITH
   2.7.2
